PATH
  remote: .
  specs:
    freddy (2.9.0)
      bunny (~> 2.11)
      concurrent-ruby (~> 1.0)
      oj (~> 3.6)
      opentelemetry-api (~> 1.0)
      opentelemetry-semantic_conventions (~> 1.0)
      zlib (~> 3.2)

GEM
  remote: https://rubygems.org/
  specs:
    amq-protocol (2.3.4)
    ast (2.4.3)
    bigdecimal (3.1.9)
    bunny (2.24.0)
      amq-protocol (~> 2.3)
      sorted_set (~> 1, >= 1.0.2)
    coderay (1.1.3)
    concurrent-ruby (1.3.1)
    diff-lcs (1.4.4)
    hamster (3.0.0)
      concurrent-ruby (~> 1.0)
    json (2.9.1)
    language_server-protocol (3.17.0.3)
    method_source (1.0.0)
    oj (3.16.10)
      bigdecimal (>= 3.0)
      ostruct (>= 0.2)
    opentelemetry-api (1.1.0)
    opentelemetry-common (0.19.6)
      opentelemetry-api (~> 1.0)
    opentelemetry-registry (0.2.0)
      opentelemetry-api (~> 1.1)
    opentelemetry-sdk (1.2.0)
      opentelemetry-api (~> 1.1)
      opentelemetry-common (~> 0.19.3)
      opentelemetry-registry (~> 0.2)
      opentelemetry-semantic_conventions
    opentelemetry-semantic_conventions (1.10.0)
      opentelemetry-api (~> 1.0)
    ostruct (0.6.1)
    parallel (1.26.3)
    parser (3.3.7.0)
      ast (~> 2.4.1)
      racc
    pry (0.14.1)
      coderay (~> 1.1)
      method_source (~> 1.0)
    racc (1.8.1)
    rainbow (3.1.1)
    rake (13.0.6)
    rbtree (0.4.6)
    regexp_parser (2.10.0)
    rspec (3.10.0)
      rspec-core (~> 3.10.0)
      rspec-expectations (~> 3.10.0)
      rspec-mocks (~> 3.10.0)
    rspec-core (3.10.1)
      rspec-support (~> 3.10.0)
    rspec-expectations (3.10.1)
      diff-lcs (>= 1.2.0, < 2.0)
      rspec-support (~> 3.10.0)
    rspec-mocks (3.10.2)
      diff-lcs (>= 1.2.0, < 2.0)
      rspec-support (~> 3.10.0)
    rspec-support (3.10.2)
    rubocop (1.70.0)
      json (~> 2.3)
      language_server-protocol (>= 3.17.0)
      parallel (~> 1.10)
      parser (>= 3.3.0.2)
      rainbow (>= 2.2.2, < 4.0)
      regexp_parser (>= 2.9.3, < 3.0)
      rubocop-ast (>= 1.36.2, < 2.0)
      ruby-progressbar (~> 1.7)
      unicode-display_width (>= 2.4.0, < 4.0)
    rubocop-ast (1.37.0)
      parser (>= 3.3.1.0)
    rubocop-rspec (3.4.0)
      rubocop (~> 1.61)
    ruby-progressbar (1.13.0)
    set (1.1.2)
    sorted_set (1.0.3)
      rbtree
      set (~> 1.0)
    unicode-display_width (3.1.4)
      unicode-emoji (~> 4.0, >= 4.0.4)
    unicode-emoji (4.0.4)
    zlib (3.2.1)

PLATFORMS
  ruby
  x86_64-linux

DEPENDENCIES
  bundler
  freddy!
  hamster (~> 3.0)
  opentelemetry-sdk (~> 1.0)
  pry
  rake
  rspec
  rubocop (~> 1.61)
  rubocop-rspec (~> 3.3)

BUNDLED WITH
   2.3.9
