PATH
  remote: .
  specs:
    freddy (2.3.0)
      bunny (~> 2.11)
      oj (~> 3.6)
      opentelemetry-api (~> 1.0.0.rc3)
      opentelemetry-semantic_conventions (~> 1.0)
      thread (~> 0.1)
      zlib (~> 1.1)

GEM
  remote: https://rubygems.org/
  specs:
    amq-protocol (2.3.2)
    ast (2.4.2)
    bunny (2.19.0)
      amq-protocol (~> 2.3, >= 2.3.1)
      sorted_set (~> 1, >= 1.0.2)
    coderay (1.1.3)
    concurrent-ruby (1.1.9)
    diff-lcs (1.4.4)
    hamster (3.0.0)
      concurrent-ruby (~> 1.0)
    method_source (1.0.0)
    oj (3.13.2)
    opentelemetry-api (1.0.0.rc3)
    opentelemetry-common (0.19.1)
      opentelemetry-api (~> 1.0.0.rc3)
    opentelemetry-instrumentation-base (0.18.2)
      opentelemetry-api (~> 1.0.0.rc3)
    opentelemetry-sdk (1.0.0.rc3)
      opentelemetry-api (~> 1.0.0.rc3)
      opentelemetry-common (~> 0.19.1)
      opentelemetry-instrumentation-base (~> 0.18.2)
      opentelemetry-semantic_conventions
    opentelemetry-semantic_conventions (1.6.0)
      opentelemetry-api (~> 1.0.0.rc3)
    parallel (1.20.1)
    parser (3.0.2.0)
      ast (~> 2.4.1)
    pry (0.14.1)
      coderay (~> 1.1)
      method_source (~> 1.0)
    rainbow (3.0.0)
    rake (13.0.6)
    rbtree (0.4.4)
    regexp_parser (2.1.1)
    rexml (3.2.5)
    rspec (3.10.0)
      rspec-core (~> 3.10.0)
      rspec-expectations (~> 3.10.0)
      rspec-mocks (~> 3.10.0)
    rspec-core (3.10.1)
      rspec-support (~> 3.10.0)
    rspec-expectations (3.10.1)
      diff-lcs (>= 1.2.0, < 2.0)
      rspec-support (~> 3.10.0)
    rspec-mocks (3.10.2)
      diff-lcs (>= 1.2.0, < 2.0)
      rspec-support (~> 3.10.0)
    rspec-support (3.10.2)
    rubocop (1.19.0)
      parallel (~> 1.10)
      parser (>= 3.0.0.0)
      rainbow (>= 2.2.2, < 4.0)
      regexp_parser (>= 1.8, < 3.0)
      rexml
      rubocop-ast (>= 1.9.1, < 2.0)
      ruby-progressbar (~> 1.7)
      unicode-display_width (>= 1.4.0, < 3.0)
    rubocop-ast (1.10.0)
      parser (>= 3.0.1.1)
    rubocop-rspec (2.4.0)
      rubocop (~> 1.0)
      rubocop-ast (>= 1.1.0)
    ruby-progressbar (1.11.0)
    set (1.0.1)
    sorted_set (1.0.3)
      rbtree
      set (~> 1.0)
    thread (0.2.2)
    unicode-display_width (2.0.0)
    zlib (1.1.0)

PLATFORMS
  ruby
  x86_64-linux

DEPENDENCIES
  bundler
  freddy!
  hamster (~> 3.0)
  opentelemetry-sdk (~> 1.0.0.rc3)
  pry
  rake
  rspec
  rubocop (~> 1.19)
  rubocop-rspec (~> 2.4)

BUNDLED WITH
   2.2.27
